GIT
  remote: https://github.com/jjasghar/lita-ping.git
  revision: 7a3f8b41ec3e3c06d89913d3e5b03372145d8977
  branch: updates
  specs:
    lita-ping (1.1.0)
      lita (>= 4.0)

GEM
  remote: https://rubygems.org/
  specs:
    crass (1.0.2)
    eventmachine (1.0.7)
    faraday (0.9.1)
      multipart-post (>= 1.2, < 3)
    faye-websocket (0.9.2)
      eventmachine (>= 0.12.0)
      websocket-driver (>= 0.5.1)
    http_router (0.11.1)
      rack (>= 1.0.0)
      url_mount (~> 0.2.1)
    i18n (0.7.0)
    ice_nine (0.11.1)
    lita (4.3.2)
      bundler (>= 1.3)
      faraday (>= 0.8.7)
      http_router (>= 0.11.1)
      i18n (>= 0.6.9)
      ice_nine (>= 0.11.0)
      multi_json (>= 1.7.7)
      puma (>= 2.7.1)
      rack (>= 1.5.2)
      rb-readline (>= 0.5.1)
      redis-namespace (>= 1.3.0)
      thor (>= 0.18.1)
    lita-ambush (1.0.3)
      lita (>= 4.2)
    lita-dice (0.0.1)
      lita (>= 2.7)
    lita-down-for-everyone (0.0.3)
      lita
    lita-google (1.0.0)
      lita (>= 4.0)
    lita-google-images (2.0.0)
      lita (>= 4.0)
    lita-group-mention (1.0.2)
      lita (>= 4.2)
    lita-karma (3.0.2)
      lita (>= 4.0)
    lita-motivate (0.2.1)
      lita (>= 4.2)
    lita-retro (1.0.0)
      lita (>= 4.0)
    lita-slack (1.4.0)
      eventmachine
      faraday
      faye-websocket (>= 0.8.0)
      lita (>= 4.0.4)
      multi_json
    lita-web-title (1.0.6)
      lita (>= 4.3)
      nokogiri (>= 1.6.6)
    lita-wikipedia (0.0.4)
      lita (>= 3.1)
      nokogiri (>= 1.6.6)
      sanitize (>= 3.1.2)
    lita-wtf (1.0.0)
      lita (>= 4.0)
    mini_portile (0.6.2)
    multi_json (1.11.0)
    multipart-post (2.0.0)
    nokogiri (1.6.6.2)
      mini_portile (~> 0.6.0)
    nokogumbo (1.4.1)
      nokogiri
    puma (2.11.2)
      rack (>= 1.1, < 2.0)
    rack (1.6.1)
    rb-readline (0.5.2)
    redis (3.2.1)
    redis-namespace (1.5.2)
      redis (~> 3.0, >= 3.0.4)
    sanitize (4.0.0)
      crass (~> 1.0.2)
      nokogiri (>= 1.4.4)
      nokogumbo (= 1.4.1)
    thor (0.19.1)
    url_mount (0.2.1)
      rack
    websocket-driver (0.5.4)
      websocket-extensions (>= 0.1.0)
    websocket-extensions (0.1.2)

PLATFORMS
  ruby

DEPENDENCIES
  lita
  lita-ambush
  lita-dice
  lita-down-for-everyone
  lita-google
  lita-google-images
  lita-group-mention
  lita-karma
  lita-motivate
  lita-ping!
  lita-retro
  lita-slack
  lita-web-title
  lita-wikipedia
  lita-wtf
